GIT
  remote: https://github.com/senseobservationsystems/commonsense-ruby-lib.git
  revision: 4164fabc5b5fdb02865206184dc6652f457cc82f
  tag: 0.1.0beta3
  specs:
    commonsense-ruby-lib (0.0.1)
      httparty (~> 0.11.0)
      oauth (~> 0.4.7)

GEM
  remote: http://rubygems.org/
  specs:
    coderay (1.0.7)
    domain_name (0.5.11)
      unf (>= 0.0.5, < 1.0.0)
    httparty (0.11.0)
      multi_json (~> 1.0)
      multi_xml (>= 0.5.2)
    mechanize (2.6.0)
      domain_name (~> 0.5, >= 0.5.1)
      mime-types (~> 1.17, >= 1.17.2)
      net-http-digest_auth (~> 1.1, >= 1.1.1)
      net-http-persistent (~> 2.5, >= 2.5.2)
      nokogiri (~> 1.4)
      ntlm-http (~> 0.1, >= 0.1.1)
      webrobots (>= 0.0.9, < 0.2)
    method_source (0.8)
    mime-types (1.23)
    multi_json (1.7.2)
    multi_xml (0.5.3)
    net-http-digest_auth (1.3)
    net-http-persistent (2.8)
    nokogiri (1.5.9)
    ntlm-http (0.1.1)
    oauth (0.4.7)
    pry (0.9.10)
      coderay (~> 1.0.5)
      method_source (~> 0.8)
      slop (~> 3.3.1)
    pry-doc (0.4.4)
      pry (>= 0.9.9.6)
      yard (~> 0.8.1)
    slop (3.3.2)
    unf (0.1.1)
      unf_ext
    unf_ext (0.0.6)
    webrobots (0.1.1)
    yard (0.8.3)

PLATFORMS
  ruby

DEPENDENCIES
  commonsense-ruby-lib!
  mechanize
  nokogiri
  pry
  pry-doc
